GEM
  specs:
    cgi_multipart_eof_fix (2.5.0)
    chunky_png (1.2.5)
    coffee-script (2.2.0)
      coffee-script-source
      execjs
    coffee-script-source (1.1.2)
    compass (0.11.5)
      chunky_png (~> 1.2)
      fssm (>= 0.2.7)
      sass (~> 3.1)
    daemons (1.1.3)
    execjs (1.2.9)
      multi_json (~> 1.0)
    fastthread (1.0.7)
    fssm (0.2.7)
    gem_plugin (0.2.3)
    hike (1.2.1)
    mongrel (1.1.5)
      cgi_multipart_eof_fix (>= 2.4)
      daemons (>= 1.0.3)
      fastthread (>= 1.0.1)
      gem_plugin (>= 0.2.3)
    multi_json (1.0.3)
    rack (1.3.5)
    sass (3.1.10)
    slim (1.0.2)
      temple (~> 0.3.3)
      tilt (~> 1.3.2)
    sprockets (2.0.3)
      hike (~> 1.2)
      rack (~> 1.0)
      tilt (!= 1.3.0, ~> 1.1)
    temple (0.3.4)
    tilt (1.3.3)

PLATFORMS
  ruby

DEPENDENCIES
  coffee-script
  compass
  mongrel
  rack
  slim
  sprockets
